PATH
  remote: .
  specs:
    wonkavision_client (0.0.1)
      faraday (= 0.7.3)
      yajl-ruby

GEM
  remote: http://rubygems.org/
  specs:
    addressable (2.2.6)
    diff-lcs (1.1.2)
    faraday (0.7.3)
      addressable (~> 2.2.6)
      multipart-post (~> 1.1.0)
      rack (< 2, >= 1.1.0)
    multipart-post (1.1.2)
    rack (1.3.0)
    rspec (2.6.0)
      rspec-core (~> 2.6.0)
      rspec-expectations (~> 2.6.0)
      rspec-mocks (~> 2.6.0)
    rspec-core (2.6.4)
    rspec-expectations (2.6.0)
      diff-lcs (~> 1.1.2)
    rspec-mocks (2.6.0)
    yajl-ruby (0.8.2)

PLATFORMS
  ruby

DEPENDENCIES
  rspec (~> 2.6.0)
  wonkavision_client!
